PATH
  remote: .
  specs:
    ttt_dclovell (0.2.0)
      finite_machine (~> 0.11.0)

GEM
  remote: https://rubygems.org/
  specs:
    diff-lcs (1.3)
    finite_machine (0.11.3)
    rspec (3.6.0)
      rspec-core (~> 3.6.0)
      rspec-expectations (~> 3.6.0)
      rspec-mocks (~> 3.6.0)
    rspec-core (3.6.0)
      rspec-support (~> 3.6.0)
    rspec-expectations (3.6.0)
      diff-lcs (>= 1.2.0, < 2.0)
      rspec-support (~> 3.6.0)
    rspec-mocks (3.6.0)
      diff-lcs (>= 1.2.0, < 2.0)
      rspec-support (~> 3.6.0)
    rspec-support (3.6.0)

PLATFORMS
  ruby

DEPENDENCIES
  bundler (~> 1.15)
  rspec (~> 3.0)
  ttt_dclovell!

BUNDLED WITH
   1.15.4
